PATH
  remote: ../hexagon
  specs:
    hexagon (0.1.0.pre.alpha)

GEM
  remote: https://rubygems.org/
  specs:
    gosu (0.14.4)

PLATFORMS
  ruby

DEPENDENCIES
  gosu
  hexagon!

BUNDLED WITH
   1.17.1
